PATH
  remote: .
  specs:
    nrperb (0.1.0)

GEM
  remote: http://rubygems.org/
  specs:

PLATFORMS
  ruby

DEPENDENCIES
  nrperb!
